PATH
  remote: .
  specs:
    rdf-xsd (0.3.7)
      rdf (>= 0.3.4)

GEM
  remote: http://rubygems.org/
  specs:
    active_support (3.0.0)
      activesupport (= 3.0.0)
    activesupport (3.0.0)
    addressable (2.3.2)
    diff-lcs (1.1.3)
    i18n (0.6.0)
    rdf (0.3.8)
      addressable (>= 2.2.6)
    rdf-spec (0.3.5.1)
      rspec (>= 2.8.0)
    rspec (2.10.0)
      rspec-core (~> 2.10.0)
      rspec-expectations (~> 2.10.0)
      rspec-mocks (~> 2.10.0)
    rspec-core (2.10.0)
    rspec-expectations (2.10.0)
      diff-lcs (~> 1.1.3)
    rspec-mocks (2.10.1)
    wirble (0.1.3)
    yard (0.8.1)

PLATFORMS
  java
  ruby

DEPENDENCIES
  active_support (>= 3.0.0)
  i18n (>= 0.6.0)
  rdf-spec (>= 0.3.2)
  rdf-xsd!
  rspec (>= 2.5.0)
  wirble
  yard (>= 0.6.0)
