PATH
  remote: .
  specs:
    rdf-xsd (1.0.0)
      nokogiri (>= 1.5.0)
      rdf (>= 0.3.4)

GEM
  remote: http://rubygems.org/
  specs:
    active_support (3.0.0)
      activesupport (= 3.0.0)
    activesupport (3.0.0)
    addressable (2.3.2)
    diff-lcs (1.1.3)
    equivalent-xml (0.3.0)
      nokogiri (>= 1.4.3)
    i18n (0.6.1)
    nokogiri (1.5.6)
    nokogiri (1.5.6-java)
    rdf (0.3.11.1)
      addressable (>= 2.2.6)
    rdf-spec (0.3.11)
      rspec (>= 2.12.0)
    rspec (2.12.0)
      rspec-core (~> 2.12.0)
      rspec-expectations (~> 2.12.0)
      rspec-mocks (~> 2.12.0)
    rspec-core (2.12.2)
    rspec-expectations (2.12.1)
      diff-lcs (~> 1.1.3)
    rspec-mocks (2.12.1)
    wirble (0.1.3)
    yard (0.8.3)

PLATFORMS
  java
  ruby

DEPENDENCIES
  active_support (>= 3.0.0)
  equivalent-xml (>= 0.2.8)
  i18n (>= 0.6.0)
  rdf-spec (>= 0.3.2)
  rdf-xsd!
  rspec (>= 2.5.0)
  wirble
  yard (>= 0.6.0)
